GIT
  remote: git://github.com/div/mailboxer.git
  revision: 41c9d8de2e0ad4dc511718074228d40a1ba96ebe
  branch: rails42-foreigner
  specs:
    mailboxer (0.12.4)
      carrierwave (>= 0.5.8)
      rails (>= 3.2.0)

GIT
  remote: git://github.com/rails/web-console.git
  revision: 3fad9de6a2d98b983db8c7ef5c9dcaf6a6f49879
  branch: master
  specs:
    web-console (2.1.0)
      activemodel (>= 4.0)
      binding_of_caller (>= 0.7.2)
      railties (>= 4.0)
      sprockets-rails (>= 2.0, < 4.0)

GEM
  remote: https://rubygems.org/
  specs:
    actionmailer (4.2.0)
      actionpack (= 4.2.0)
      actionview (= 4.2.0)
      activejob (= 4.2.0)
      mail (~> 2.5, >= 2.5.4)
      rails-dom-testing (~> 1.0, >= 1.0.5)
    actionpack (4.2.0)
      actionview (= 4.2.0)
      activesupport (= 4.2.0)
      rack (~> 1.6.0)
      rack-test (~> 0.6.2)
      rails-dom-testing (~> 1.0, >= 1.0.5)
      rails-html-sanitizer (~> 1.0, >= 1.0.1)
    actionview (4.2.0)
      activesupport (= 4.2.0)
      builder (~> 3.1)
      erubis (~> 2.7.0)
      rails-dom-testing (~> 1.0, >= 1.0.5)
      rails-html-sanitizer (~> 1.0, >= 1.0.1)
    activejob (4.2.0)
      activesupport (= 4.2.0)
      globalid (>= 0.3.0)
    activemodel (4.2.0)
      activesupport (= 4.2.0)
      builder (~> 3.1)
    activerecord (4.2.0)
      activemodel (= 4.2.0)
      activesupport (= 4.2.0)
      arel (~> 6.0)
    activesupport (4.2.0)
      i18n (~> 0.7)
      json (~> 1.7, >= 1.7.7)
      minitest (~> 5.1)
      thread_safe (~> 0.3, >= 0.3.4)
      tzinfo (~> 1.1)
    addressable (2.3.7)
    annotate (2.6.5)
      activerecord (>= 2.3.0)
      rake (>= 0.8.7)
    arel (6.0.0)
    ast (2.0.0)
    astrolabe (1.3.0)
      parser (>= 2.2.0.pre.3, < 3.0)
    awesome_print (1.6.1)
    bcrypt (3.1.10)
    better_errors (2.1.1)
      coderay (>= 1.0.0)
      erubis (>= 2.6.6)
      rack (>= 0.9.0)
    binding_of_caller (0.7.2)
      debug_inspector (>= 0.0.1)
    builder (3.2.2)
    byebug (2.7.0)
      columnize (~> 0.3)
      debugger-linecache (~> 1.2)
    callsite (0.0.11)
    carrierwave (0.10.0)
      activemodel (>= 3.2.0)
      activesupport (>= 3.2.0)
      json (>= 1.7)
      mime-types (>= 1.16)
    celluloid (0.16.0)
      timers (~> 4.0.0)
    climate_control (0.0.3)
      activesupport (>= 3.0)
    cocaine (0.5.7)
      climate_control (>= 0.0.3, < 1.0)
    coderay (1.1.0)
    coffee-rails (4.1.0)
      coffee-script (>= 2.2.0)
      railties (>= 4.0.0, < 5.0)
    coffee-script (2.3.0)
      coffee-script-source
      execjs
    coffee-script-source (1.9.1)
    columnize (0.9.0)
    coolline (0.5.0)
      unicode_utils (~> 1.4)
    debug_inspector (0.0.2)
    debugger-linecache (1.2.0)
    devise (3.4.1)
      bcrypt (~> 3.0)
      orm_adapter (~> 0.1)
      railties (>= 3.2.6, < 5)
      responders
      thread_safe (~> 0.1)
      warden (~> 1.2.3)
    devise_invitable (1.4.1)
      actionmailer (>= 3.2.6, < 5)
      devise (>= 3.2.0)
    diff-lcs (1.2.5)
    diffy (3.0.7)
    docile (1.1.5)
    erubis (2.7.0)
    execjs (2.3.0)
    factory_girl (4.5.0)
      activesupport (>= 3.0.0)
    factory_girl_rails (4.5.0)
      factory_girl (~> 4.5.0)
      railties (>= 3.0.0)
    faraday (0.9.1)
      multipart-post (>= 1.2, < 3)
    ffaker (1.32.1)
    ffi (1.9.6)
    figaro (1.1.0)
      thor (~> 0.14)
    font-awesome-rails (4.3.0.0)
      railties (>= 3.2, < 5.0)
    formatador (0.2.5)
    foundation-rails (5.5.1.0)
      railties (>= 3.1.0)
      sass (>= 3.3.0, < 3.5)
    friendly_id (5.1.0)
      activerecord (>= 4.0.0)
    globalid (0.3.3)
      activesupport (>= 4.1.0)
    grit (2.0.0)
      diff-lcs (>= 1.1.2)
      mime-types (>= 1.15)
    guard (2.12.4)
      formatador (>= 0.2.4)
      listen (~> 2.7)
      lumberjack (~> 1.0)
      nenv (~> 0.1)
      notiffany (~> 0.0)
      pry (>= 0.9.12)
      shellany (~> 0.0)
      thor (>= 0.18.1)
    guard-bundler (2.1.0)
      bundler (~> 1.0)
      guard (~> 2.2)
      guard-compat (~> 1.1)
    guard-compat (1.2.1)
    guard-minitest (2.4.4)
      guard-compat (~> 1.2)
      minitest (>= 3.0)
    guard-pow (2.0.0)
      guard (~> 2.0)
    haml (4.0.6)
      tilt
    haml-rails (0.8.2)
      actionpack (>= 4.0.1)
      activesupport (>= 4.0.1)
      haml (>= 3.1, < 5.0)
      html2haml (>= 1.0.1)
      railties (>= 4.0.1)
    hashie (3.4.0)
    high_voltage (2.2.1)
    hike (1.2.3)
    hirb (0.7.3)
    hitimes (1.2.2)
    html2haml (2.0.0)
      erubis (~> 2.7.0)
      haml (~> 4.0.0)
      nokogiri (~> 1.6.0)
      ruby_parser (~> 3.5)
    hub (1.12.4)
    i18n (0.7.0)
    jazz_fingers (1.0.0)
      awesome_print (~> 1.6.1)
      hirb (~> 0.7)
      pry (~> 0.10)
      pry-byebug (= 1.3.3)
      pry-coolline (~> 0.2)
      pry-doc (~> 0.6)
      pry-git (~> 0.2)
      pry-rails (~> 0.3)
      pry-remote (>= 0.1.7)
      railties (>= 3.0, < 5.0)
    jbuilder (2.2.8)
      activesupport (>= 3.0.0, < 5)
      multi_json (~> 1.2)
    jquery-rails (4.0.3)
      rails-dom-testing (~> 1.0)
      railties (>= 4.2.0)
      thor (>= 0.14, < 2.0)
    jquery-turbolinks (2.1.0)
      railties (>= 3.1.0)
      turbolinks
    json (1.8.2)
    jwt (1.3.0)
    kaminari (0.16.3)
      actionpack (>= 3.0.0)
      activesupport (>= 3.0.0)
    launchy (2.4.3)
      addressable (~> 2.3)
    letter_opener (1.3.0)
      launchy (~> 2.2)
    listen (2.8.5)
      celluloid (>= 0.15.2)
      rb-fsevent (>= 0.9.3)
      rb-inotify (>= 0.9)
    loofah (2.0.1)
      nokogiri (>= 1.5.9)
    lumberjack (1.0.9)
    mail (2.6.3)
      mime-types (>= 1.16, < 3)
    masonry-rails (0.2.4)
      railties
    meta_request (0.3.4)
      callsite (~> 0.0, >= 0.0.11)
      rack-contrib (~> 1.1)
      railties (>= 3.0.0, < 5.0.0)
    method_source (0.8.2)
    mime-types (2.4.3)
    mini_portile (0.6.2)
    minitest (5.5.1)
    minitest-rails (2.1.1)
      minitest (~> 5.4)
      railties (~> 4.1)
    multi_json (1.10.1)
    multi_xml (0.5.5)
    multipart-post (2.0.0)
    nenv (0.2.0)
    nokogiri (1.6.6.2)
      mini_portile (~> 0.6.0)
    notiffany (0.0.6)
      nenv (~> 0.1)
      shellany (~> 0.0)
    oauth (0.4.7)
    oauth2 (1.0.0)
      faraday (>= 0.8, < 0.10)
      jwt (~> 1.0)
      multi_json (~> 1.3)
      multi_xml (~> 0.5)
      rack (~> 1.2)
    omniauth (1.2.2)
      hashie (>= 1.2, < 4)
      rack (~> 1.0)
    omniauth-facebook (2.0.1)
      omniauth-oauth2 (~> 1.2)
    omniauth-oauth (1.0.1)
      oauth
      omniauth (~> 1.0)
    omniauth-oauth2 (1.2.0)
      faraday (>= 0.8, < 0.10)
      multi_json (~> 1.3)
      oauth2 (~> 1.0)
      omniauth (~> 1.2)
    omniauth-twitter (1.1.0)
      multi_json (~> 1.3)
      omniauth-oauth (~> 1.0)
    orm_adapter (0.5.0)
    paperclip (4.2.1)
      activemodel (>= 3.0.0)
      activesupport (>= 3.0.0)
      cocaine (~> 0.5.3)
      mime-types
    parser (2.2.0.3)
      ast (>= 1.1, < 3.0)
    pg (0.18.1)
    polyamorous (1.1.0)
      activerecord (>= 3.0)
    powder (0.3.0)
      thor (>= 0.11.5)
    powerpack (0.1.0)
    pry (0.10.1)
      coderay (~> 1.1.0)
      method_source (~> 0.8.1)
      slop (~> 3.4)
    pry-byebug (1.3.3)
      byebug (~> 2.7)
      pry (~> 0.10)
    pry-coolline (0.2.5)
      coolline (~> 0.5)
    pry-doc (0.6.0)
      pry (~> 0.9)
      yard (~> 0.8)
    pry-git (0.2.3)
      diffy
      grit
      pry (>= 0.9.8)
    pry-rails (0.3.3)
      pry (>= 0.9.10)
    pry-remote (0.1.8)
      pry (~> 0.9)
      slop (~> 3.0)
    puma (2.11.1)
      rack (>= 1.1, < 2.0)
    quiet_assets (1.1.0)
      railties (>= 3.1, < 5.0)
    rack (1.6.0)
    rack-contrib (1.2.0)
      rack (>= 0.9.1)
    rack-test (0.6.3)
      rack (>= 1.0)
    rails (4.2.0)
      actionmailer (= 4.2.0)
      actionpack (= 4.2.0)
      actionview (= 4.2.0)
      activejob (= 4.2.0)
      activemodel (= 4.2.0)
      activerecord (= 4.2.0)
      activesupport (= 4.2.0)
      bundler (>= 1.3.0, < 2.0)
      railties (= 4.2.0)
      sprockets-rails
    rails-deprecated_sanitizer (1.0.3)
      activesupport (>= 4.2.0.alpha)
    rails-dom-testing (1.0.5)
      activesupport (>= 4.2.0.beta, < 5.0)
      nokogiri (~> 1.6.0)
      rails-deprecated_sanitizer (>= 1.0.1)
    rails-html-sanitizer (1.0.1)
      loofah (~> 2.0)
    rails_12factor (0.0.3)
      rails_serve_static_assets
      rails_stdout_logging
    rails_layout (1.0.24)
    rails_serve_static_assets (0.0.4)
    rails_stdout_logging (0.0.3)
    railties (4.2.0)
      actionpack (= 4.2.0)
      activesupport (= 4.2.0)
      rake (>= 0.8.7)
      thor (>= 0.18.1, < 2.0)
    rainbow (2.0.0)
    rake (10.4.2)
    ransack (1.6.3)
      actionpack (>= 3.0)
      activerecord (>= 3.0)
      activesupport (>= 3.0)
      i18n
      polyamorous (~> 1.1)
    rb-fsevent (0.9.4)
    rb-inotify (0.9.5)
      ffi (>= 0.5.0)
    responders (2.1.0)
      railties (>= 4.2.0, < 5)
    rubocop (0.29.1)
      astrolabe (~> 1.3)
      parser (>= 2.2.0.1, < 3.0)
      powerpack (~> 0.1)
      rainbow (>= 1.99.1, < 3.0)
      ruby-progressbar (~> 1.4)
    ruby-progressbar (1.7.1)
    ruby_gntp (0.3.4)
    ruby_parser (3.6.4)
      sexp_processor (~> 4.1)
    sass (3.4.13)
    sass-rails (5.0.1)
      railties (>= 4.0.0, < 5.0)
      sass (~> 3.1)
      sprockets (>= 2.8, < 4.0)
      sprockets-rails (>= 2.0, < 4.0)
      tilt (~> 1.1)
    sexp_processor (4.4.5)
    shellany (0.0.1)
    simple_form (3.1.0)
      actionpack (~> 4.0)
      activemodel (~> 4.0)
    simplecov (0.9.2)
      docile (~> 1.1.0)
      multi_json (~> 1.0)
      simplecov-html (~> 0.9.0)
    simplecov-html (0.9.0)
    slop (3.6.0)
    sprockets (2.12.3)
      hike (~> 1.2)
      multi_json (~> 1.0)
      rack (~> 1.0)
      tilt (~> 1.1, != 1.3.0)
    sprockets-rails (2.2.4)
      actionpack (>= 3.0)
      activesupport (>= 3.0)
      sprockets (>= 2.8, < 4.0)
    thor (0.19.1)
    thread_safe (0.3.4)
    tilt (1.4.1)
    timers (4.0.1)
      hitimes
    turbolinks (2.5.3)
      coffee-rails
    tzinfo (1.2.2)
      thread_safe (~> 0.1)
    uglifier (2.7.1)
      execjs (>= 0.3.0)
      json (>= 1.8.0)
    unicode_utils (1.4.0)
    upmin-admin (0.1.01)
      haml (>= 3.0.0)
      jquery-rails
      kaminari
      rails
      ransack
      sass-rails
    warden (1.2.3)
      rack (>= 1.0)
    xray-rails (0.1.15)
      coffee-rails
      rails (>= 3.1.0)
    yard (0.8.7.6)

PLATFORMS
  ruby

DEPENDENCIES
  annotate (~> 2.6.5)
  better_errors
  binding_of_caller
  coffee-rails (~> 4.1.0)
  devise
  devise_invitable
  factory_girl_rails
  ffaker
  figaro
  font-awesome-rails
  foundation-rails
  friendly_id
  guard
  guard-bundler
  guard-minitest
  guard-pow
  haml-rails
  high_voltage
  html2haml
  hub
  jazz_fingers
  jbuilder (~> 2.0)
  jquery-rails
  jquery-turbolinks
  letter_opener
  mailboxer!
  masonry-rails
  meta_request
  minitest-rails
  omniauth
  omniauth-facebook
  omniauth-twitter
  paperclip
  pg
  powder
  puma
  quiet_assets
  rails (= 4.2.0)
  rails_12factor
  rails_layout
  rubocop
  ruby_gntp
  sass-rails (~> 5.0)
  simple_form
  simplecov
  turbolinks
  uglifier (>= 1.3.0)
  upmin-admin
  web-console!
  xray-rails
